GEM
  remote: http://rubygems.org/
  specs:
    flay (1.4.3)
      ruby_parser (~> 2.0)
      sexp_processor (~> 3.0)
    flog (2.5.3)
      ruby_parser (~> 2.0)
      sexp_processor (~> 3.0)
    ruby_parser (2.3.1)
      sexp_processor (~> 3.0)
    sexp_processor (3.0.9)
    sqlite3 (1.3.5)

PLATFORMS
  ruby

DEPENDENCIES
  flay
  flog
  sqlite3
