PATH
  remote: .
  specs:
    centurion (0.0.1)
      clip
      flay
      flog
      grit
      json
      rack (= 1.4.0)
      riak-client

GEM
  remote: http://rubygems.org/
  specs:
    beefcake (0.3.2)
    builder (2.1.2)
    clip (1.0.2)
    diff-lcs (1.1.3)
    flay (1.4.3)
      ruby_parser (~> 2.0)
      sexp_processor (~> 3.0)
    flog (2.5.3)
      ruby_parser (~> 2.0)
      sexp_processor (~> 3.0)
    grit (2.4.1)
      diff-lcs (~> 1.1)
      mime-types (~> 1.15)
    haml (3.1.4)
    i18n (0.6.0)
    json (1.6.5)
    mime-types (1.17.2)
    rack (1.4.0)
    rake (0.9.2.2)
    riak-client (0.9.8)
      beefcake (= 0.3.2)
      builder (~> 2.1.2)
      i18n (>= 0.4.0)
    rspec (2.7.0)
      rspec-core (~> 2.7.0)
      rspec-expectations (~> 2.7.0)
      rspec-mocks (~> 2.7.0)
    rspec-core (2.7.1)
    rspec-expectations (2.7.0)
      diff-lcs (~> 1.1.2)
    rspec-mocks (2.7.0)
    ruby_parser (2.3.1)
      sexp_processor (~> 3.0)
    sexp_processor (3.0.10)
    watchr (0.7)

PLATFORMS
  ruby

DEPENDENCIES
  centurion!
  haml
  rake
  rspec
  watchr
