PATH
  remote: .
  specs:
    centurion (0.0.1)
      bson_ext
      flay
      flog
      grit
      mongo

GEM
  remote: http://rubygems.org/
  specs:
    bson (1.5.2)
    bson_ext (1.5.2)
      bson (= 1.5.2)
    diff-lcs (1.1.3)
    flay (1.4.3)
      ruby_parser (~> 2.0)
      sexp_processor (~> 3.0)
    flog (2.5.3)
      ruby_parser (~> 2.0)
      sexp_processor (~> 3.0)
    grit (2.4.1)
      diff-lcs (~> 1.1)
      mime-types (~> 1.15)
    mime-types (1.17.2)
    mongo (1.5.2)
      bson (= 1.5.2)
    ruby_parser (2.3.1)
      sexp_processor (~> 3.0)
    sexp_processor (3.0.10)

PLATFORMS
  ruby

DEPENDENCIES
  centurion!
